PATH
  remote: .
  specs:
    backup_on_the_go (0.2.2)
      bitbucket_rest_api (~> 0.1, >= 0.1.7)
      colorize (~> 0.7, >= 0.7.7)
      github_api (= 0.13.1)
      highline (~> 1.7, >= 1.7.8)

GEM
  remote: https://rubygems.org/
  specs:
    addressable (2.4.0)
    bitbucket_rest_api (0.1.7)
      faraday (~> 0.9.0)
      faraday_middleware (~> 0.9.0)
      hashie
      multi_json (>= 1.7.5, < 2.0)
      nokogiri (>= 1.5.2)
      simple_oauth
    colorize (0.7.7)
    descendants_tracker (0.0.4)
      thread_safe (~> 0.3, >= 0.3.1)
    faraday (0.9.2)
      multipart-post (>= 1.2, < 3)
    faraday_middleware (0.9.2)
      faraday (>= 0.7.4, < 0.10)
    github_api (0.13.1)
      addressable (~> 2.4.0)
      descendants_tracker (~> 0.0.4)
      faraday (~> 0.8, < 0.10)
      hashie (>= 3.4)
      multi_json (>= 1.7.5, < 2.0)
      oauth2
    hashie (3.4.3)
    highline (1.7.8)
    jwt (1.5.1)
    mini_portile2 (2.5.0)
    multi_json (1.11.2)
    multi_xml (0.5.5)
    multipart-post (2.0.0)
    nokogiri (1.11.1)
      mini_portile2 (~> 2.5.0)
      racc (~> 1.4)
    oauth2 (1.1.0)
      faraday (>= 0.8, < 0.10)
      jwt (~> 1.0, < 1.5.2)
      multi_json (~> 1.3)
      multi_xml (~> 0.5)
      rack (>= 1.2, < 3)
    racc (1.5.2)
    rack (1.6.4)
    simple_oauth (0.3.1)
    thread_safe (0.3.5)

PLATFORMS
  ruby

DEPENDENCIES
  backup_on_the_go!
