GEM
  remote: https://rubygems.org/
  specs:
    bitbucket_rest_api (0.1.2)
      faraday (~> 0.8.1)
      faraday_middleware (~> 0.8.1)
      hashie (~> 1.2.0)
      multi_json (~> 1.3)
      nokogiri (~> 1.5.2)
      simple_oauth
    colorize (0.5.8)
    faraday (0.8.7)
      multipart-post (~> 1.1)
    faraday_middleware (0.8.8)
      faraday (>= 0.7.4, < 0.9)
    github_api (0.8.11)
      faraday (~> 0.8.1)
      hashie (~> 1.2.0)
      multi_json (~> 1.4)
      nokogiri (~> 1.5.2)
      oauth2
    hashie (1.2.0)
    highline (1.6.16)
    httpauth (0.2.0)
    jwt (0.1.8)
      multi_json (>= 1.5)
    multi_json (1.7.2)
    multi_xml (0.5.3)
    multipart-post (1.2.0)
    nokogiri (1.5.9)
    oauth2 (0.9.1)
      faraday (~> 0.8)
      httpauth (~> 0.1)
      jwt (~> 0.1.4)
      multi_json (~> 1.0)
      multi_xml (~> 0.5)
      rack (~> 1.2)
    rack (1.5.2)
    simple_oauth (0.2.0)

PLATFORMS
  ruby

DEPENDENCIES
  bitbucket_rest_api (~> 0.1.2)
  colorize (~> 0.5.8)
  github_api (~> 0.8.11)
  highline (~> 1.6.16)
